PATH
  remote: .
  specs:
    memoized (1.1.1)

GEM
  remote: https://rubygems.org/
  specs:
    amazing_print (1.4.0)
    diff-lcs (1.3)
    gemika (0.7.1)
    prop_check (0.18.1)
      amazing_print (~> 1.2)
    rake (10.4.2)
    rspec (3.5.0)
      rspec-core (~> 3.5.0)
      rspec-expectations (~> 3.5.0)
      rspec-mocks (~> 3.5.0)
    rspec-core (3.5.4)
      rspec-support (~> 3.5.0)
    rspec-expectations (3.5.0)
      diff-lcs (>= 1.2.0, < 2.0)
      rspec-support (~> 3.5.0)
    rspec-mocks (3.5.0)
      diff-lcs (>= 1.2.0, < 2.0)
      rspec-support (~> 3.5.0)
    rspec-support (3.5.0)
    timecop (0.8.1)

PLATFORMS
  ruby

DEPENDENCIES
  gemika
  memoized!
  prop_check (~> 0.18.1)
  rake (~> 10.4.2)
  rspec (~> 3.5.0)
  timecop (~> 0.8.0)

BUNDLED WITH
   2.2.21
