PATH
  remote: .
  specs:
    memoized (1.0.2)

GEM
  remote: https://rubygems.org/
  specs:
    diff-lcs (1.3)
    gemika (0.5.0)
    rake (10.4.2)
    rspec (3.5.0)
      rspec-core (~> 3.5.0)
      rspec-expectations (~> 3.5.0)
      rspec-mocks (~> 3.5.0)
    rspec-core (3.5.4)
      rspec-support (~> 3.5.0)
    rspec-expectations (3.5.0)
      diff-lcs (>= 1.2.0, < 2.0)
      rspec-support (~> 3.5.0)
    rspec-mocks (3.5.0)
      diff-lcs (>= 1.2.0, < 2.0)
      rspec-support (~> 3.5.0)
    rspec-support (3.5.0)
    timecop (0.8.1)

PLATFORMS
  ruby

DEPENDENCIES
  gemika
  memoized!
  rake (~> 10.4.2)
  rspec (~> 3.5.0)
  timecop (~> 0.8.0)

BUNDLED WITH
   1.17.2
